GEM
  remote: http://rubygems.org/
  specs:
    diff-lcs (1.1.3)
    rake (0.9.2.2)
    redcarpet (2.1.1)
    rspec (2.11.0)
      rspec-core (~> 2.11.0)
      rspec-expectations (~> 2.11.0)
      rspec-mocks (~> 2.11.0)
    rspec-core (2.11.1)
    rspec-expectations (2.11.2)
      diff-lcs (~> 1.1.3)
    rspec-mocks (2.11.1)
    yard (0.8.2.1)

PLATFORMS
  ruby

DEPENDENCIES
  rake
  redcarpet
  rspec
  yard
